GEM
  remote: http://rubygems.org/
  specs:
    ffi (1.15.5)
    get_process_mem (0.2.7)
      ffi (~> 1.0)
    mustermann (1.1.1)
      ruby2_keywords (~> 0.0.1)
    nio4r (2.5.8)
    puma (6.0.2)
      nio4r (~> 2.0)
    puma_worker_killer (0.3.1)
      get_process_mem (~> 0.2)
      puma (>= 2.7)
    rack (2.2.4)
    rack-protection (2.2.0)
      rack
    ruby2_keywords (0.0.5)
    sinatra (2.2.0)
      mustermann (~> 1.0)
      rack (~> 2.2)
      rack-protection (= 2.2.0)
      tilt (~> 2.0)
    tilt (2.0.10)

PLATFORMS
  arm64-darwin-21
  arm64-darwin-22

DEPENDENCIES
  puma
  puma_worker_killer
  sinatra

RUBY VERSION
   ruby 3.2.0p0

BUNDLED WITH
   2.4.1
